PATH
  remote: .
  specs:
    gcs (0.1.0)
      console (~> 1.8)
      thor (~> 1.0, >= 1.0.1)
      zeitwerk (~> 2.4, >= 2.4.1)

GEM
  remote: https://rubygems.org/
  specs:
    byebug (11.1.3)
    console (1.10.1)
      fiber-local
    diff-lcs (1.4.4)
    fiber-local (1.0.0)
    rake (12.3.3)
    rspec (3.10.0)
      rspec-core (~> 3.10.0)
      rspec-expectations (~> 3.10.0)
      rspec-mocks (~> 3.10.0)
    rspec-core (3.10.0)
      rspec-support (~> 3.10.0)
    rspec-expectations (3.10.0)
      diff-lcs (>= 1.2.0, < 2.0)
      rspec-support (~> 3.10.0)
    rspec-mocks (3.10.0)
      diff-lcs (>= 1.2.0, < 2.0)
      rspec-support (~> 3.10.0)
    rspec-support (3.10.0)
    thor (1.0.1)
    zeitwerk (2.4.1)

PLATFORMS
  ruby

DEPENDENCIES
  byebug (~> 11.1, >= 11.1.3)
  gcs!
  rake (~> 12.0)
  rspec (~> 3.0)

BUNDLED WITH
   2.1.4
